GEM
  remote: https://rubygems.org/
  specs:
    ast (2.4.1)
    crass (1.0.6)
    dotenv (2.7.5)
    jaro_winkler (1.5.4)
    mini_portile2 (2.4.0)
    mustermann (1.1.1)
      ruby2_keywords (~> 0.0.1)
    nokogiri (1.10.9)
      mini_portile2 (~> 2.4.0)
    nokogumbo (2.0.2)
      nokogiri (~> 1.8, >= 1.8.4)
    parallel (1.19.2)
    parser (2.7.1.4)
      ast (~> 2.4.1)
    rack (2.2.3)
    rack-protection (2.0.8.1)
      rack
    rainbow (3.0.0)
    rexml (3.2.4)
    rubocop (0.80.1)
      jaro_winkler (~> 1.5.1)
      parallel (~> 1.10)
      parser (>= 2.7.0.1)
      rainbow (>= 2.2.2, < 4.0)
      rexml
      ruby-progressbar (~> 1.7)
      unicode-display_width (>= 1.4.0, < 1.7)
    ruby-progressbar (1.10.1)
    ruby2_keywords (0.0.2)
    sanitize (5.2.1)
      crass (~> 1.0.2)
      nokogiri (>= 1.8.0)
      nokogumbo (~> 2.0)
    sinatra (2.0.8.1)
      mustermann (~> 1.0)
      rack (~> 2.0)
      rack-protection (= 2.0.8.1)
      tilt (~> 2.0)
    sorbet (0.5.5784)
      sorbet-static (= 0.5.5784)
    sorbet-runtime (0.5.5784)
    sorbet-static (0.5.5784-universal-darwin-14)
    tilt (2.0.10)
    tty-exit (0.1.0)
    unicode-display_width (1.6.1)

PLATFORMS
  ruby

DEPENDENCIES
  dotenv (~> 2.7, >= 2.7.5)
  nokogiri (~> 1.10)
  rubocop (~> 0.80.0)
  sanitize (~> 5.0)
  sinatra (~> 2.0, >= 2.0.5)
  sorbet
  sorbet-runtime
  tty-exit

RUBY VERSION
   ruby 2.7.0p0

BUNDLED WITH
   2.1.4
