GEM
  remote: https://rubygems.org/
  specs:
    crass (1.0.6)
    dotenv (2.7.5)
    mini_portile2 (2.4.0)
    mustermann (1.1.1)
      ruby2_keywords (~> 0.0.1)
    nokogiri (1.10.8)
      mini_portile2 (~> 2.4.0)
    nokogumbo (2.0.2)
      nokogiri (~> 1.8, >= 1.8.4)
    rack (2.2.1)
    rack-protection (2.0.8.1)
      rack
    ruby2_keywords (0.0.2)
    sanitize (5.1.0)
      crass (~> 1.0.2)
      nokogiri (>= 1.8.0)
      nokogumbo (~> 2.0)
    sinatra (2.0.8.1)
      mustermann (~> 1.0)
      rack (~> 2.0)
      rack-protection (= 2.0.8.1)
      tilt (~> 2.0)
    tilt (2.0.10)

PLATFORMS
  ruby

DEPENDENCIES
  dotenv (~> 2.7, >= 2.7.5)
  nokogiri (~> 1.6, >= 1.6.8)
  sanitize (~> 5.0)
  sinatra (~> 2.0, >= 2.0.5)

RUBY VERSION
   ruby 2.7.0p0

BUNDLED WITH
   2.1.4
